GEM
  remote: https://rubygems.org/
  specs:
    codacy-coverage (1.1.8)
      simplecov
    docile (1.3.1)
    json (2.1.0)
    simplecov (0.16.1)
      docile (~> 1.1)
      json (>= 1.8, < 3)
      simplecov-html (~> 0.10.0)
    simplecov-html (0.10.2)

PLATFORMS
  x64-mingw32

DEPENDENCIES
  codacy-coverage
  simplecov

BUNDLED WITH
   1.16.2
